GEM
  specs:
    coderay (1.1.3)
    method_source (1.0.0)
    parallel (1.19.2)
    pry (0.13.1)
      coderay (~> 1.1)
      method_source (~> 1.0)
    thread (0.2.2)

PLATFORMS
  x86_64-darwin-20

DEPENDENCIES
  parallel
  pry
  thread

BUNDLED WITH
   2.2.11
